PATH
  remote: .
  specs:
    linguists_field_guide (0.1.1)

GEM
  remote: https://rubygems.org/
  specs:
    charlock_holmes (0.7.7)
    codecov (0.2.12)
      json
      simplecov
    diff-lcs (1.4.4)
    docile (1.3.2)
    escape_utils (1.2.1)
    github-linguist (7.11.1)
      charlock_holmes (~> 0.7.7)
      escape_utils (~> 1.2.0)
      mini_mime (~> 1.0)
      rugged (>= 0.25.1)
    json (2.5.1)
    mini_mime (1.0.2)
    rake (13.0.3)
    rspec (3.10.0)
      rspec-core (~> 3.10.0)
      rspec-expectations (~> 3.10.0)
      rspec-mocks (~> 3.10.0)
    rspec-core (3.10.1)
      rspec-support (~> 3.10.0)
    rspec-expectations (3.10.1)
      diff-lcs (>= 1.2.0, < 2.0)
      rspec-support (~> 3.10.0)
    rspec-mocks (3.10.1)
      diff-lcs (>= 1.2.0, < 2.0)
      rspec-support (~> 3.10.0)
    rspec-support (3.10.1)
    rugged (1.1.0)
    simplecov (0.19.1)
      docile (~> 1.1)
      simplecov-html (~> 0.11)
    simplecov-html (0.12.3)

PLATFORMS
  ruby

DEPENDENCIES
  codecov
  github-linguist (~> 7.11.1)
  linguists_field_guide!
  rake (>= 12.3.3)
  rspec (~> 3.0)
  simplecov (~> 0.19.1)

BUNDLED WITH
   2.2.4
