PATH
  remote: .
  specs:
    linguists_field_guide (0.1.1)

GEM
  remote: https://rubygems.org/
  specs:
    charlock_holmes (0.7.7)
    diff-lcs (1.3)
    escape_utils (1.2.1)
    github-linguist (7.11.1)
      charlock_holmes (~> 0.7.7)
      escape_utils (~> 1.2.0)
      mini_mime (~> 1.0)
      rugged (>= 0.25.1)
    mini_mime (1.0.2)
    rake (13.0.1)
    rspec (3.8.0)
      rspec-core (~> 3.8.0)
      rspec-expectations (~> 3.8.0)
      rspec-mocks (~> 3.8.0)
    rspec-core (3.8.0)
      rspec-support (~> 3.8.0)
    rspec-expectations (3.8.2)
      diff-lcs (>= 1.2.0, < 2.0)
      rspec-support (~> 3.8.0)
    rspec-mocks (3.8.0)
      diff-lcs (>= 1.2.0, < 2.0)
      rspec-support (~> 3.8.0)
    rspec-support (3.8.0)
    rugged (1.1.0)

PLATFORMS
  ruby

DEPENDENCIES
  bundler (~> 2.1.4)
  github-linguist (~> 7.11.1)
  linguists_field_guide!
  rake (>= 12.3.3)
  rspec (~> 3.0)

BUNDLED WITH
   2.1.4
